GEM
  remote: http://rubygems.org/
  specs:
    aws-s3 (0.6.2)
      builder
      mime-types
      xml-simple
    builder (3.0.0)
    git (1.2.5)
    jeweler (1.6.4)
      bundler (~> 1.0)
      git (>= 1.2.5)
      rake
    mime-types (1.16)
    rake (0.9.2)
    rcov (0.9.10)
    rdoc (3.9.4)
    shoulda (2.11.3)
    xml-simple (1.1.0)

PLATFORMS
  ruby

DEPENDENCIES
  aws-s3
  bundler (~> 1.0.0)
  jeweler (~> 1.6.4)
  rcov
  rdoc
  shoulda
